GIT
  remote: https://github.com/FortressOne/trueskill.git
  revision: 5c02cac6b4671a05b4782d65938e2798e9a99644
  specs:
    trueskill (1.0.0)

GIT
  remote: https://github.com/shardlab/discordrb.git
  revision: ad5dd1641f3653ca4e76d44f901adb42018e354e
  branch: main
  specs:
    discordrb (3.4.2)
      discordrb-webhooks (~> 3.4.2)
      ffi (>= 1.9.24)
      opus-ruby
      rest-client (>= 2.0.0)
      websocket-client-simple (>= 0.3.0)
    discordrb-webhooks (3.4.2)
      rest-client (>= 2.0.0)

GEM
  remote: https://rubygems.org/
  specs:
    actioncable (7.1.4.1)
      actionpack (= 7.1.4.1)
      activesupport (= 7.1.4.1)
      nio4r (~> 2.0)
      websocket-driver (>= 0.6.1)
      zeitwerk (~> 2.6)
    actionmailbox (7.1.4.1)
      actionpack (= 7.1.4.1)
      activejob (= 7.1.4.1)
      activerecord (= 7.1.4.1)
      activestorage (= 7.1.4.1)
      activesupport (= 7.1.4.1)
      mail (>= 2.7.1)
      net-imap
      net-pop
      net-smtp
    actionmailer (7.1.4.1)
      actionpack (= 7.1.4.1)
      actionview (= 7.1.4.1)
      activejob (= 7.1.4.1)
      activesupport (= 7.1.4.1)
      mail (~> 2.5, >= 2.5.4)
      net-imap
      net-pop
      net-smtp
      rails-dom-testing (~> 2.2)
    actionpack (7.1.4.1)
      actionview (= 7.1.4.1)
      activesupport (= 7.1.4.1)
      nokogiri (>= 1.8.5)
      racc
      rack (>= 2.2.4)
      rack-session (>= 1.0.1)
      rack-test (>= 0.6.3)
      rails-dom-testing (~> 2.2)
      rails-html-sanitizer (~> 1.6)
    actiontext (7.1.4.1)
      actionpack (= 7.1.4.1)
      activerecord (= 7.1.4.1)
      activestorage (= 7.1.4.1)
      activesupport (= 7.1.4.1)
      globalid (>= 0.6.0)
      nokogiri (>= 1.8.5)
    actionview (7.1.4.1)
      activesupport (= 7.1.4.1)
      builder (~> 3.1)
      erubi (~> 1.11)
      rails-dom-testing (~> 2.2)
      rails-html-sanitizer (~> 1.6)
    activejob (7.1.4.1)
      activesupport (= 7.1.4.1)
      globalid (>= 0.3.6)
    activemodel (7.1.4.1)
      activesupport (= 7.1.4.1)
    activerecord (7.1.4.1)
      activemodel (= 7.1.4.1)
      activesupport (= 7.1.4.1)
      timeout (>= 0.4.0)
    activestorage (7.1.4.1)
      actionpack (= 7.1.4.1)
      activejob (= 7.1.4.1)
      activerecord (= 7.1.4.1)
      activesupport (= 7.1.4.1)
      marcel (~> 1.0)
    activesupport (7.1.4.1)
      base64
      bigdecimal
      concurrent-ruby (~> 1.0, >= 1.0.2)
      connection_pool (>= 2.2.5)
      drb
      i18n (>= 1.6, < 2)
      minitest (>= 5.1)
      mutex_m
      tzinfo (~> 2.0)
    addressable (2.8.1)
      public_suffix (>= 2.0.2, < 6.0)
    base64 (0.2.0)
    bcrypt (3.1.18)
    bigdecimal (3.1.8)
    bindex (0.8.1)
    bootsnap (1.15.0)
      msgpack (~> 1.2)
    breadcrumbs_on_rails (4.1.0)
      railties (>= 5.0)
    builder (3.3.0)
    capybara (3.38.0)
      addressable
      matrix
      mini_mime (>= 0.1.3)
      nokogiri (~> 1.8)
      rack (>= 1.6.0)
      rack-test (>= 0.6.3)
      regexp_parser (>= 1.5, < 3.0)
      xpath (~> 3.2)
    chartkick (4.2.1)
    coderay (1.1.3)
    concurrent-ruby (1.3.4)
    connection_pool (2.4.1)
    counter_culture (3.3.0)
      activerecord (>= 4.2)
      activesupport (>= 4.2)
    crass (1.0.6)
    date (3.3.4)
    debug (1.7.0)
      irb (>= 1.5.0)
      reline (>= 0.3.1)
    devise (4.8.1)
      bcrypt (~> 3.0)
      orm_adapter (~> 0.1)
      railties (>= 4.1.0)
      responders
      warden (~> 1.2.3)
    domain_name (0.5.20190701)
      unf (>= 0.0.5, < 1.0.0)
    drb (2.2.1)
    erubi (1.13.0)
    event_emitter (0.2.6)
    faraday (0.17.6)
      multipart-post (>= 1.2, < 3)
    faraday_middleware (0.14.0)
      faraday (>= 0.7.4, < 1.0)
    ffi (1.15.5)
    globalid (1.2.1)
      activesupport (>= 6.1)
    hashie (5.0.0)
    http-accept (1.7.0)
    http-cookie (1.0.5)
      domain_name (~> 0.5)
    i18n (1.14.6)
      concurrent-ruby (~> 1.0)
    importmap-rails (1.1.5)
      actionpack (>= 6.0.0)
      railties (>= 6.0.0)
    io-console (0.7.2)
    irb (1.14.1)
      rdoc (>= 4.0.0)
      reline (>= 0.4.2)
    jbuilder (2.11.5)
      actionview (>= 5.0.0)
      activesupport (>= 5.0.0)
    jwt (2.5.0)
    local_time (2.1.0)
    loofah (2.22.0)
      crass (~> 1.0.2)
      nokogiri (>= 1.12.0)
    mail (2.8.1)
      mini_mime (>= 0.1.1)
      net-imap
      net-pop
      net-smtp
    marcel (1.0.4)
    matrix (0.4.2)
    method_source (1.1.0)
    mime-types (3.4.1)
      mime-types-data (~> 3.2015)
    mime-types-data (3.2022.0105)
    mini_mime (1.1.5)
    minitest (5.25.1)
    msgpack (1.6.0)
    multi_xml (0.6.0)
    multipart-post (2.2.3)
    mutex_m (0.2.0)
    net-imap (0.4.17)
      date
      net-protocol
    net-pop (0.1.2)
      net-protocol
    net-protocol (0.2.2)
      timeout
    net-smtp (0.5.0)
      net-protocol
    netrc (0.11.0)
    nio4r (2.7.3)
    nokogiri (1.16.7-x86_64-linux)
      racc (~> 1.4)
    oauth2 (2.0.9)
      faraday (>= 0.17.3, < 3.0)
      jwt (>= 1.0, < 3.0)
      multi_xml (~> 0.5)
      rack (>= 1.2, < 4)
      snaky_hash (~> 2.0)
      version_gem (~> 1.1)
    omniauth (2.0.4)
      hashie (>= 3.4.6)
      rack (>= 1.6.2, < 3)
      rack-protection
    omniauth-discord (1.0.2)
      omniauth (~> 2.0.4)
      omniauth-oauth2
    omniauth-oauth2 (1.8.0)
      oauth2 (>= 1.4, < 3)
      omniauth (~> 2.0)
    omniauth-rails_csrf_protection (1.0.1)
      actionpack (>= 4.2)
      omniauth (~> 2.0)
    opus-ruby (1.0.1)
      ffi
    orm_adapter (0.5.0)
    pagy (6.0.1)
    pg (1.4.5)
    pry (0.14.1)
      coderay (~> 1.1)
      method_source (~> 1.0)
    psych (5.1.2)
      stringio
    public_suffix (5.0.1)
    puma (5.6.5)
      nio4r (~> 2.0)
    racc (1.8.1)
    rack (2.2.10)
    rack-protection (3.0.4)
      rack
    rack-session (1.0.2)
      rack (< 3)
    rack-test (2.1.0)
      rack (>= 1.3)
    rackup (1.0.0)
      rack (< 3)
      webrick
    rails (7.1.4.1)
      actioncable (= 7.1.4.1)
      actionmailbox (= 7.1.4.1)
      actionmailer (= 7.1.4.1)
      actionpack (= 7.1.4.1)
      actiontext (= 7.1.4.1)
      actionview (= 7.1.4.1)
      activejob (= 7.1.4.1)
      activemodel (= 7.1.4.1)
      activerecord (= 7.1.4.1)
      activestorage (= 7.1.4.1)
      activesupport (= 7.1.4.1)
      bundler (>= 1.15.0)
      railties (= 7.1.4.1)
    rails-dom-testing (2.2.0)
      activesupport (>= 5.0.0)
      minitest
      nokogiri (>= 1.6)
    rails-html-sanitizer (1.6.0)
      loofah (~> 2.21)
      nokogiri (~> 1.14)
    rails_same_site_cookie (0.1.9)
      rack (>= 1.5)
      user_agent_parser (~> 2.6)
    railties (7.1.4.1)
      actionpack (= 7.1.4.1)
      activesupport (= 7.1.4.1)
      irb
      rackup (>= 1.0.0)
      rake (>= 12.2)
      thor (~> 1.0, >= 1.2.2)
      zeitwerk (~> 2.6)
    rake (13.2.1)
    rdoc (6.7.0)
      psych (>= 4.0.0)
    regexp_parser (2.6.1)
    reline (0.5.10)
      io-console (~> 0.5)
    responders (3.0.1)
      actionpack (>= 5.0)
      railties (>= 5.0)
    rest-client (2.1.0)
      http-accept (>= 1.7.0, < 2.0)
      http-cookie (>= 1.0.2, < 2.0)
      mime-types (>= 1.16, < 4.0)
      netrc (~> 0.8)
    rexml (3.2.5)
    rubyzip (2.3.2)
    sassc (2.4.0)
      ffi (~> 1.9)
    sassc-rails (2.1.2)
      railties (>= 4.0.0)
      sassc (>= 2.0)
      sprockets (> 3.0)
      sprockets-rails
      tilt
    selenium-webdriver (4.7.1)
      rexml (~> 3.2, >= 3.2.5)
      rubyzip (>= 1.2.2, < 3.0)
      websocket (~> 1.0)
    sentry-rails (5.8.0)
      railties (>= 5.0)
      sentry-ruby (~> 5.8.0)
    sentry-ruby (5.8.0)
      concurrent-ruby (~> 1.0, >= 1.0.2)
    snaky_hash (2.0.1)
      hashie
      version_gem (~> 1.1, >= 1.1.1)
    sprockets (4.1.1)
      concurrent-ruby (~> 1.0)
      rack (> 1, < 3)
    sprockets-rails (3.4.2)
      actionpack (>= 5.2)
      activesupport (>= 5.2)
      sprockets (>= 3.0.0)
    stimulus-rails (1.2.1)
      railties (>= 6.0.0)
    stringio (3.1.1)
    thor (1.3.2)
    tilt (2.4.0)
    timeout (0.4.1)
    turbo-rails (1.3.2)
      actionpack (>= 6.0.0)
      activejob (>= 6.0.0)
      railties (>= 6.0.0)
    twitch-api (0.4.0)
      faraday (>= 0.12.2)
      faraday_middleware (~> 0.12)
    tzinfo (2.0.6)
      concurrent-ruby (~> 1.0)
    unf (0.1.4)
      unf_ext
    unf_ext (0.0.8.2)
    user_agent_parser (2.14.0)
    version_gem (1.1.1)
    warden (1.2.9)
      rack (>= 2.0.9)
    web-console (4.2.0)
      actionview (>= 6.0.0)
      activemodel (>= 6.0.0)
      bindex (>= 0.4.0)
      railties (>= 6.0.0)
    webrick (1.8.2)
    websocket (1.2.9)
    websocket-client-simple (0.6.0)
      event_emitter
      websocket
    websocket-driver (0.7.6)
      websocket-extensions (>= 0.1.0)
    websocket-extensions (0.1.5)
    xpath (3.2.0)
      nokogiri (~> 1.8)
    zeitwerk (2.6.18)

PLATFORMS
  x86_64-linux

DEPENDENCIES
  bootsnap
  breadcrumbs_on_rails
  capybara (>= 3.26)
  chartkick
  counter_culture
  debug
  devise
  discordrb!
  faraday
  importmap-rails
  jbuilder
  local_time
  omniauth-discord
  omniauth-rails_csrf_protection
  pagy (~> 6.0)
  pg
  pry
  puma (~> 5.0)
  rails (~> 7.1.3, >= 7.1.3.2)
  rails_same_site_cookie
  sassc-rails (~> 2.1)
  selenium-webdriver
  sentry-rails
  sentry-ruby
  sprockets-rails
  stimulus-rails
  trueskill!
  turbo-rails
  twitch-api
  tzinfo-data
  web-console

RUBY VERSION
   ruby 3.0.1p64

BUNDLED WITH
   2.2.27
